GEM
  remote: https://rubygems.org/
  specs:
    colorator (1.1.0)
    exifr (1.2.5)
    ffi (1.9.17)
    forwardable-extended (2.6.0)
    jekyll (3.2.1)
      colorator (~> 1.0)
      jekyll-sass-converter (~> 1.0)
      jekyll-watch (~> 1.1)
      kramdown (~> 1.3)
      liquid (~> 3.0)
      mercenary (~> 0.3.3)
      pathutil (~> 0.9)
      rouge (~> 1.7)
      safe_yaml (~> 1.0)
    jekyll-gallery-generator (1.1.0)
      exifr (~> 1.2)
      rmagick (~> 2.12)
    jekyll-sass-converter (1.5.0)
      sass (~> 3.4)
    jekyll-watch (1.5.0)
      listen (~> 3.0, < 3.1)
    kramdown (1.13.2)
    liquid (3.0.6)
    listen (3.0.8)
      rb-fsevent (~> 0.9, >= 0.9.4)
      rb-inotify (~> 0.9, >= 0.9.7)
    mercenary (0.3.6)
    minima (2.0.0)
    pathutil (0.14.0)
      forwardable-extended (~> 2.6)
    rake (11.3.0)
    rb-fsevent (0.9.8)
    rb-inotify (0.9.8)
      ffi (>= 0.5.0)
    rmagick (2.16.0)
    rouge (1.11.1)
    safe_yaml (1.0.4)
    sass (3.4.23)

PLATFORMS
  ruby

DEPENDENCIES
  jekyll (= 3.2.1)
  jekyll-gallery-generator
  minima
  rake (~> 11.3.0)

RUBY VERSION
   ruby 2.0.0p648

BUNDLED WITH
   1.12.0
